PATH
  remote: .
  specs:
    google_maps_presenter_plugin (0.2.0)

GEM
  remote: https://rubygems.org/
  specs:
    rake (13.0.6)

PLATFORMS
  ruby

DEPENDENCIES
  bundler (~> 2.3.17)
  google_maps_presenter_plugin!
  rake (~> 13.0.6)

BUNDLED WITH
   2.3.17
