PATH
  remote: .
  specs:
    google_maps_presenter_plugin (0.2.0)
      dry-configurable (> 0.1, <= 7.0)

GEM
  remote: https://rubygems.org/
  specs:
    concurrent-ruby (1.1.10)
    dry-configurable (0.15.0)
      concurrent-ruby (~> 1.0)
      dry-core (~> 0.6)
    dry-core (0.7.1)
      concurrent-ruby (~> 1.0)
    rake (13.0.6)

PLATFORMS
  ruby

DEPENDENCIES
  bundler (~> 2.3.17)
  google_maps_presenter_plugin!
  rake (~> 13.0.6)

BUNDLED WITH
   2.3.17
